STORAGE: NONE
RESTRICTION: == net6.0
NUGET
  remote: https://api.nuget.org/v3/index.json
    BenchmarkDotNet (0.13.1)
      BenchmarkDotNet.Annotations (>= 0.13.1)
      CommandLineParser (>= 2.4.3)
      Iced (>= 1.8)
      Microsoft.CodeAnalysis.CSharp (>= 2.10)
      Microsoft.Diagnostics.NETCore.Client (>= 0.2.61701)
      Microsoft.Diagnostics.Runtime (>= 1.1.126102)
      Microsoft.Diagnostics.Tracing.TraceEvent (>= 2.0.61)
      Microsoft.DotNet.PlatformAbstractions (>= 2.1)
      Microsoft.Win32.Registry (>= 4.5)
      Perfolizer (>= 0.2.1)
      System.Management (>= 4.5)
      System.Reflection.Emit (>= 4.3)
      System.Reflection.Emit.Lightweight (>= 4.3)
      System.Threading.Tasks.Extensions (>= 4.5.2)
      System.ValueTuple (>= 4.5)
    BenchmarkDotNet.Annotations (0.13.1)
    Castle.Core (4.4.1)
      NETStandard.Library (>= 1.6.1)
      System.Collections.Specialized (>= 4.3)
      System.ComponentModel (>= 4.3)
      System.ComponentModel.TypeConverter (>= 4.3)
      System.Diagnostics.TraceSource (>= 4.3)
      System.Dynamic.Runtime (>= 4.3)
      System.Reflection (>= 4.3)
      System.Reflection.Emit (>= 4.3)
      System.Reflection.TypeExtensions (>= 4.3)
      System.Xml.XmlDocument (>= 4.3)
    CommandLineParser (2.8)
    Expecto (9.0.4)
      FSharp.Core (>= 4.6)
      Mono.Cecil (>= 0.11.3)
    FSharp.Control.Websockets (0.2.2)
      FSharp.Core (>= 4.3.4)
      Microsoft.IO.RecyclableMemoryStream (>= 1.2.2)
    FSharp.Core (6.0)
    Giraffe (5.0)
      FSharp.Core (>= 5.0)
      Giraffe.ViewEngine (>= 1.3)
      Microsoft.IO.RecyclableMemoryStream (>= 1.3.6)
      Newtonsoft.Json (>= 12.0.3)
      Ply (>= 0.3.1)
      System.Text.Json (>= 5.0.2)
      Utf8Json (>= 1.3.7)
    Giraffe.ViewEngine (1.4)
      FSharp.Core (>= 5.0)
    Grpc.AspNetCore.Server (2.40)
      Grpc.Net.Common (>= 2.40)
    Grpc.Core.Api (2.41.1)
      System.Memory (>= 4.5.3)
    Grpc.Net.Client (2.40)
      Grpc.Net.Common (>= 2.40)
      Microsoft.Extensions.Logging.Abstractions (>= 3.0.3)
    Grpc.Net.Common (2.40)
      Grpc.Core.Api (>= 2.40)
    Iced (1.15)
    Microsoft.AspNet.WebApi.Client (5.2.7)
      Newtonsoft.Json (>= 10.0.1)
      Newtonsoft.Json.Bson (>= 1.0.1)
    Microsoft.AspNetCore.Authentication.Abstractions (2.2)
      Microsoft.AspNetCore.Http.Abstractions (>= 2.2)
      Microsoft.Extensions.Logging.Abstractions (>= 2.2)
      Microsoft.Extensions.Options (>= 2.2)
    Microsoft.AspNetCore.Authentication.Core (2.2)
      Microsoft.AspNetCore.Authentication.Abstractions (>= 2.2)
      Microsoft.AspNetCore.Http (>= 2.2)
      Microsoft.AspNetCore.Http.Extensions (>= 2.2)
    Microsoft.AspNetCore.Authentication.Google (6.0)
    Microsoft.AspNetCore.Authentication.JwtBearer (6.0)
      Microsoft.IdentityModel.Protocols.OpenIdConnect (>= 6.10)
    Microsoft.AspNetCore.Authentication.OpenIdConnect (6.0)
      Microsoft.IdentityModel.Protocols.OpenIdConnect (>= 6.10)
    Microsoft.AspNetCore.Authorization (6.0)
      Microsoft.AspNetCore.Metadata (>= 6.0)
      Microsoft.Extensions.Logging.Abstractions (>= 6.0)
      Microsoft.Extensions.Options (>= 6.0)
    Microsoft.AspNetCore.Authorization.Policy (2.2)
      Microsoft.AspNetCore.Authentication.Abstractions (>= 2.2)
      Microsoft.AspNetCore.Authorization (>= 2.2)
    Microsoft.AspNetCore.Hosting.Abstractions (2.2)
      Microsoft.AspNetCore.Hosting.Server.Abstractions (>= 2.2)
      Microsoft.AspNetCore.Http.Abstractions (>= 2.2)
      Microsoft.Extensions.Hosting.Abstractions (>= 2.2)
    Microsoft.AspNetCore.Hosting.Server.Abstractions (2.2)
      Microsoft.AspNetCore.Http.Features (>= 2.2)
      Microsoft.Extensions.Configuration.Abstractions (>= 2.2)
    Microsoft.AspNetCore.Http (2.2.2)
      Microsoft.AspNetCore.Http.Abstractions (>= 2.2)
      Microsoft.AspNetCore.WebUtilities (>= 2.2)
      Microsoft.Extensions.ObjectPool (>= 2.2)
      Microsoft.Extensions.Options (>= 2.2)
      Microsoft.Net.Http.Headers (>= 2.2)
    Microsoft.AspNetCore.Http.Abstractions (2.2)
      Microsoft.AspNetCore.Http.Features (>= 2.2)
      System.Text.Encodings.Web (>= 4.5)
    Microsoft.AspNetCore.Http.Extensions (2.2)
      Microsoft.AspNetCore.Http.Abstractions (>= 2.2)
      Microsoft.Extensions.FileProviders.Abstractions (>= 2.2)
      Microsoft.Net.Http.Headers (>= 2.2)
      System.Buffers (>= 4.5)
    Microsoft.AspNetCore.Http.Features (5.0.12)
      Microsoft.Extensions.Primitives (>= 5.0.1)
      System.IO.Pipelines (>= 5.0.1)
    Microsoft.AspNetCore.JsonPatch (6.0)
      Microsoft.CSharp (>= 4.7)
      Newtonsoft.Json (>= 13.0.1)
    Microsoft.AspNetCore.Metadata (6.0)
    Microsoft.AspNetCore.Mvc.Abstractions (2.2)
      Microsoft.AspNetCore.Routing.Abstractions (>= 2.2)
      Microsoft.Net.Http.Headers (>= 2.2)
    Microsoft.AspNetCore.Mvc.Core (2.2.5)
      Microsoft.AspNetCore.Authentication.Core (>= 2.2)
      Microsoft.AspNetCore.Authorization.Policy (>= 2.2)
      Microsoft.AspNetCore.Hosting.Abstractions (>= 2.2)
      Microsoft.AspNetCore.Http (>= 2.2)
      Microsoft.AspNetCore.Http.Extensions (>= 2.2)
      Microsoft.AspNetCore.Mvc.Abstractions (>= 2.2)
      Microsoft.AspNetCore.ResponseCaching.Abstractions (>= 2.2)
      Microsoft.AspNetCore.Routing (>= 2.2)
      Microsoft.AspNetCore.Routing.Abstractions (>= 2.2)
      Microsoft.Extensions.DependencyInjection (>= 2.2)
      Microsoft.Extensions.DependencyModel (>= 2.1)
      Microsoft.Extensions.FileProviders.Abstractions (>= 2.2)
      Microsoft.Extensions.Logging.Abstractions (>= 2.2)
      System.Diagnostics.DiagnosticSource (>= 4.5)
      System.Threading.Tasks.Extensions (>= 4.5.1)
    Microsoft.AspNetCore.Mvc.Formatters.Json (2.2)
      Microsoft.AspNetCore.JsonPatch (>= 2.2)
      Microsoft.AspNetCore.Mvc.Core (>= 2.2)
    Microsoft.AspNetCore.Mvc.WebApiCompatShim (2.2)
      Microsoft.AspNet.WebApi.Client (>= 5.2.6)
      Microsoft.AspNetCore.Mvc.Core (>= 2.2)
      Microsoft.AspNetCore.Mvc.Formatters.Json (>= 2.2)
      Microsoft.AspNetCore.WebUtilities (>= 2.2)
    Microsoft.AspNetCore.ResponseCaching.Abstractions (2.2)
      Microsoft.Extensions.Primitives (>= 2.2)
    Microsoft.AspNetCore.Routing (2.2.2)
      Microsoft.AspNetCore.Http.Extensions (>= 2.2)
      Microsoft.AspNetCore.Routing.Abstractions (>= 2.2)
      Microsoft.Extensions.Logging.Abstractions (>= 2.2)
      Microsoft.Extensions.ObjectPool (>= 2.2)
      Microsoft.Extensions.Options (>= 2.2)
    Microsoft.AspNetCore.Routing.Abstractions (2.2)
      Microsoft.AspNetCore.Http.Abstractions (>= 2.2)
    Microsoft.AspNetCore.TestHost (6.0)
      System.IO.Pipelines (>= 6.0)
    Microsoft.AspNetCore.WebUtilities (2.2)
      Microsoft.Net.Http.Headers (>= 2.2)
      System.Text.Encodings.Web (>= 4.5)
    Microsoft.Azure.Functions.Analyzers (1.0)
    Microsoft.Azure.KeyVault.Core (3.0.5)
      Microsoft.Rest.ClientRuntime (>= 2.3.20 < 3.0)
      Microsoft.Rest.ClientRuntime.Azure (>= 3.3.18 < 4.0)
      Newtonsoft.Json (>= 10.0.3)
      System.Net.Http (>= 4.3.4)
    Microsoft.Azure.Storage.Blob (11.2.3)
      Microsoft.Azure.Storage.Common (>= 11.2.3)
      NETStandard.Library (>= 2.0.1)
    Microsoft.Azure.Storage.Common (11.2.3)
      Microsoft.Azure.KeyVault.Core (>= 2.0.4)
      NETStandard.Library (>= 2.0.1)
      Newtonsoft.Json (>= 10.0.2)
    Microsoft.Azure.WebJobs (3.0.30)
      Microsoft.Azure.WebJobs.Core (>= 3.0.30)
      Microsoft.Extensions.Configuration (>= 2.1.1)
      Microsoft.Extensions.Configuration.Abstractions (>= 2.1.1)
      Microsoft.Extensions.Configuration.EnvironmentVariables (>= 2.1)
      Microsoft.Extensions.Configuration.Json (>= 2.1)
      Microsoft.Extensions.Hosting (>= 2.1)
      Microsoft.Extensions.Logging (>= 2.1.1)
      Microsoft.Extensions.Logging.Abstractions (>= 2.1.1)
      Microsoft.Extensions.Logging.Configuration (>= 2.1)
      Newtonsoft.Json (>= 11.0.2)
      System.Memory.Data (>= 1.0.1)
      System.Threading.Tasks.Dataflow (>= 4.8)
    Microsoft.Azure.WebJobs.Core (3.0.30)
      System.ComponentModel.Annotations (>= 4.4)
      System.Diagnostics.TraceSource (>= 4.3)
    Microsoft.Azure.WebJobs.Extensions (4.0.1)
      Microsoft.Azure.WebJobs (>= 3.0.18)
      Microsoft.Azure.WebJobs.Host.Storage (>= 4.0.1)
      NCrontab.Signed (>= 3.3)
    Microsoft.Azure.WebJobs.Extensions.Http (3.0.12)
      Microsoft.AspNet.WebApi.Client (>= 5.2.4)
      Microsoft.AspNetCore.Http (>= 2.1)
      Microsoft.AspNetCore.Mvc.Formatters.Json (>= 2.1)
      Microsoft.AspNetCore.Mvc.WebApiCompatShim (>= 2.1)
      Microsoft.AspNetCore.Routing (>= 2.1)
      Microsoft.Azure.WebJobs (>= 3.0.25)
    Microsoft.Azure.WebJobs.Host.Storage (4.0.4)
      Microsoft.Azure.Storage.Blob (>= 11.1.7)
      Microsoft.Azure.WebJobs (>= 3.0.30)
    Microsoft.Azure.WebJobs.Script.ExtensionsMetadataGenerator (4.0.1)
      System.Runtime.Loader (>= 4.3)
    Microsoft.Bcl.AsyncInterfaces (6.0)
    Microsoft.CodeAnalysis.Analyzers (3.3.3)
    Microsoft.CodeAnalysis.Common (4.0.1)
      Microsoft.CodeAnalysis.Analyzers (>= 3.3.2)
      System.Collections.Immutable (>= 5.0)
      System.Memory (>= 4.5.4)
      System.Reflection.Metadata (>= 5.0)
      System.Runtime.CompilerServices.Unsafe (>= 5.0)
      System.Text.Encoding.CodePages (>= 4.5.1)
      System.Threading.Tasks.Extensions (>= 4.5.4)
    Microsoft.CodeAnalysis.CSharp (4.0.1)
      Microsoft.CodeAnalysis.Common (4.0.1)
    Microsoft.CSharp (4.7)
    Microsoft.Diagnostics.NETCore.Client (0.2.251802)
      Microsoft.Bcl.AsyncInterfaces (>= 1.1)
      Microsoft.Extensions.Logging (>= 2.1.1)
    Microsoft.Diagnostics.Runtime (2.0.226801)
      Microsoft.Diagnostics.NETCore.Client (>= 0.2.221401)
      System.Buffers (>= 4.5.1)
      System.Collections.Immutable (>= 5.0)
      System.Memory (>= 4.5.4)
      System.Reflection.Metadata (>= 5.0)
      System.Runtime.CompilerServices.Unsafe (>= 4.5.3)
    Microsoft.Diagnostics.Tracing.TraceEvent (2.0.74)
      System.Runtime.CompilerServices.Unsafe (>= 4.5.2)
    Microsoft.DotNet.PlatformAbstractions (3.1.6)
    Microsoft.Extensions.Configuration (6.0)
      Microsoft.Extensions.Configuration.Abstractions (>= 6.0)
      Microsoft.Extensions.Primitives (>= 6.0)
    Microsoft.Extensions.Configuration.Abstractions (6.0)
      Microsoft.Extensions.Primitives (>= 6.0)
    Microsoft.Extensions.Configuration.Binder (6.0)
      Microsoft.Extensions.Configuration.Abstractions (>= 6.0)
    Microsoft.Extensions.Configuration.CommandLine (6.0)
      Microsoft.Extensions.Configuration (>= 6.0)
      Microsoft.Extensions.Configuration.Abstractions (>= 6.0)
    Microsoft.Extensions.Configuration.EnvironmentVariables (6.0)
      Microsoft.Extensions.Configuration (>= 6.0)
      Microsoft.Extensions.Configuration.Abstractions (>= 6.0)
    Microsoft.Extensions.Configuration.FileExtensions (6.0)
      Microsoft.Extensions.Configuration (>= 6.0)
      Microsoft.Extensions.Configuration.Abstractions (>= 6.0)
      Microsoft.Extensions.FileProviders.Abstractions (>= 6.0)
      Microsoft.Extensions.FileProviders.Physical (>= 6.0)
      Microsoft.Extensions.Primitives (>= 6.0)
    Microsoft.Extensions.Configuration.Json (6.0)
      Microsoft.Extensions.Configuration (>= 6.0)
      Microsoft.Extensions.Configuration.Abstractions (>= 6.0)
      Microsoft.Extensions.Configuration.FileExtensions (>= 6.0)
      Microsoft.Extensions.FileProviders.Abstractions (>= 6.0)
      System.Text.Json (>= 6.0)
    Microsoft.Extensions.Configuration.UserSecrets (6.0)
      Microsoft.Extensions.Configuration.Abstractions (>= 6.0)
      Microsoft.Extensions.Configuration.Json (>= 6.0)
      Microsoft.Extensions.FileProviders.Abstractions (>= 6.0)
      Microsoft.Extensions.FileProviders.Physical (>= 6.0)
    Microsoft.Extensions.DependencyInjection (6.0)
      Microsoft.Extensions.DependencyInjection.Abstractions (>= 6.0)
      System.Runtime.CompilerServices.Unsafe (>= 6.0)
    Microsoft.Extensions.DependencyInjection.Abstractions (6.0)
    Microsoft.Extensions.DependencyModel (6.0)
      System.Buffers (>= 4.5.1)
      System.Memory (>= 4.5.4)
      System.Runtime.CompilerServices.Unsafe (>= 6.0)
      System.Text.Encodings.Web (>= 6.0)
      System.Text.Json (>= 6.0)
    Microsoft.Extensions.FileProviders.Abstractions (6.0)
      Microsoft.Extensions.Primitives (>= 6.0)
    Microsoft.Extensions.FileProviders.Physical (6.0)
      Microsoft.Extensions.FileProviders.Abstractions (>= 6.0)
      Microsoft.Extensions.FileSystemGlobbing (>= 6.0)
      Microsoft.Extensions.Primitives (>= 6.0)
    Microsoft.Extensions.FileSystemGlobbing (6.0)
    Microsoft.Extensions.Hosting (6.0)
      Microsoft.Extensions.Configuration (>= 6.0)
      Microsoft.Extensions.Configuration.Abstractions (>= 6.0)
      Microsoft.Extensions.Configuration.Binder (>= 6.0)
      Microsoft.Extensions.Configuration.CommandLine (>= 6.0)
      Microsoft.Extensions.Configuration.EnvironmentVariables (>= 6.0)
      Microsoft.Extensions.Configuration.FileExtensions (>= 6.0)
      Microsoft.Extensions.Configuration.Json (>= 6.0)
      Microsoft.Extensions.Configuration.UserSecrets (>= 6.0)
      Microsoft.Extensions.DependencyInjection (>= 6.0)
      Microsoft.Extensions.DependencyInjection.Abstractions (>= 6.0)
      Microsoft.Extensions.FileProviders.Abstractions (>= 6.0)
      Microsoft.Extensions.FileProviders.Physical (>= 6.0)
      Microsoft.Extensions.Hosting.Abstractions (>= 6.0)
      Microsoft.Extensions.Logging (>= 6.0)
      Microsoft.Extensions.Logging.Abstractions (>= 6.0)
      Microsoft.Extensions.Logging.Configuration (>= 6.0)
      Microsoft.Extensions.Logging.Console (>= 6.0)
      Microsoft.Extensions.Logging.Debug (>= 6.0)
      Microsoft.Extensions.Logging.EventLog (>= 6.0)
      Microsoft.Extensions.Logging.EventSource (>= 6.0)
      Microsoft.Extensions.Options (>= 6.0)
    Microsoft.Extensions.Hosting.Abstractions (6.0)
      Microsoft.Extensions.Configuration.Abstractions (>= 6.0)
      Microsoft.Extensions.DependencyInjection.Abstractions (>= 6.0)
      Microsoft.Extensions.FileProviders.Abstractions (>= 6.0)
    Microsoft.Extensions.Logging (6.0)
      Microsoft.Extensions.DependencyInjection (>= 6.0)
      Microsoft.Extensions.DependencyInjection.Abstractions (>= 6.0)
      Microsoft.Extensions.Logging.Abstractions (>= 6.0)
      Microsoft.Extensions.Options (>= 6.0)
      System.Diagnostics.DiagnosticSource (>= 6.0)
    Microsoft.Extensions.Logging.Abstractions (6.0)
    Microsoft.Extensions.Logging.Configuration (6.0)
      Microsoft.Extensions.Configuration (>= 6.0)
      Microsoft.Extensions.Configuration.Abstractions (>= 6.0)
      Microsoft.Extensions.Configuration.Binder (>= 6.0)
      Microsoft.Extensions.DependencyInjection.Abstractions (>= 6.0)
      Microsoft.Extensions.Logging (>= 6.0)
      Microsoft.Extensions.Logging.Abstractions (>= 6.0)
      Microsoft.Extensions.Options (>= 6.0)
      Microsoft.Extensions.Options.ConfigurationExtensions (>= 6.0)
    Microsoft.Extensions.Logging.Console (6.0)
      Microsoft.Extensions.DependencyInjection.Abstractions (>= 6.0)
      Microsoft.Extensions.Logging (>= 6.0)
      Microsoft.Extensions.Logging.Abstractions (>= 6.0)
      Microsoft.Extensions.Logging.Configuration (>= 6.0)
      Microsoft.Extensions.Options (>= 6.0)
      System.Text.Json (>= 6.0)
    Microsoft.Extensions.Logging.Debug (6.0)
      Microsoft.Extensions.DependencyInjection.Abstractions (>= 6.0)
      Microsoft.Extensions.Logging (>= 6.0)
      Microsoft.Extensions.Logging.Abstractions (>= 6.0)
    Microsoft.Extensions.Logging.EventLog (6.0)
      Microsoft.Extensions.DependencyInjection.Abstractions (>= 6.0)
      Microsoft.Extensions.Logging (>= 6.0)
      Microsoft.Extensions.Logging.Abstractions (>= 6.0)
      Microsoft.Extensions.Options (>= 6.0)
      System.Diagnostics.EventLog (>= 6.0)
    Microsoft.Extensions.Logging.EventSource (6.0)
      Microsoft.Extensions.DependencyInjection.Abstractions (>= 6.0)
      Microsoft.Extensions.Logging (>= 6.0)
      Microsoft.Extensions.Logging.Abstractions (>= 6.0)
      Microsoft.Extensions.Options (>= 6.0)
      Microsoft.Extensions.Primitives (>= 6.0)
      System.Runtime.CompilerServices.Unsafe (>= 6.0)
      System.Text.Json (>= 6.0)
    Microsoft.Extensions.ObjectPool (6.0)
    Microsoft.Extensions.Options (6.0)
      Microsoft.Extensions.DependencyInjection.Abstractions (>= 6.0)
      Microsoft.Extensions.Primitives (>= 6.0)
    Microsoft.Extensions.Options.ConfigurationExtensions (6.0)
      Microsoft.Extensions.Configuration.Abstractions (>= 6.0)
      Microsoft.Extensions.Configuration.Binder (>= 6.0)
      Microsoft.Extensions.DependencyInjection.Abstractions (>= 6.0)
      Microsoft.Extensions.Options (>= 6.0)
      Microsoft.Extensions.Primitives (>= 6.0)
    Microsoft.Extensions.Primitives (6.0)
      System.Runtime.CompilerServices.Unsafe (>= 6.0)
    Microsoft.IdentityModel.JsonWebTokens (6.14.1)
      Microsoft.IdentityModel.Tokens (>= 6.14.1)
    Microsoft.IdentityModel.Logging (6.14.1)
    Microsoft.IdentityModel.Protocols (6.14.1)
      Microsoft.IdentityModel.Logging (>= 6.14.1)
      Microsoft.IdentityModel.Tokens (>= 6.14.1)
    Microsoft.IdentityModel.Protocols.OpenIdConnect (6.14.1)
      Microsoft.IdentityModel.Protocols (>= 6.14.1)
      System.IdentityModel.Tokens.Jwt (>= 6.14.1)
    Microsoft.IdentityModel.Tokens (6.14.1)
      Microsoft.CSharp (>= 4.5)
      Microsoft.IdentityModel.Logging (>= 6.14.1)
      System.Security.Cryptography.Cng (>= 4.5)
    Microsoft.IO.RecyclableMemoryStream (2.2)
    Microsoft.Net.Http.Headers (2.2.8)
      Microsoft.Extensions.Primitives (>= 2.2)
      System.Buffers (>= 4.5)
    Microsoft.NET.Sdk.Functions (4.0.1)
      Microsoft.Azure.Functions.Analyzers (>= 1.0 < 2.0)
      Microsoft.Azure.WebJobs (>= 3.0.23 < 3.1)
      Microsoft.Azure.WebJobs.Extensions (>= 3.0.6)
      Microsoft.Azure.WebJobs.Extensions.Http (>= 3.0.2 < 3.1)
      Microsoft.Azure.WebJobs.Script.ExtensionsMetadataGenerator (>= 4.0.1)
      Newtonsoft.Json (>= 11.0.2)
    Microsoft.NETCore.Platforms (6.0)
    Microsoft.NETCore.Targets (5.0)
    Microsoft.Rest.ClientRuntime (2.3.23)
      Newtonsoft.Json (>= 10.0.3)
    Microsoft.Rest.ClientRuntime.Azure (3.3.19)
      Microsoft.Rest.ClientRuntime (>= 2.3.19 < 3.0)
      Newtonsoft.Json (>= 10.0.3)
    Microsoft.Win32.Registry (5.0)
      System.Security.AccessControl (>= 5.0)
      System.Security.Principal.Windows (>= 5.0)
    Mono.Cecil (0.11.4)
    NCrontab.Signed (3.3.2)
    NETStandard.Library (2.0.3)
      Microsoft.NETCore.Platforms (>= 1.1)
    Newtonsoft.Json (13.0.1)
    Newtonsoft.Json.Bson (1.0.2)
      Newtonsoft.Json (>= 12.0.1)
    NSubstitute (4.2.2)
      Castle.Core (>= 4.4)
      System.Threading.Tasks.Extensions (>= 4.3)
    Perfolizer (0.2.1)
      System.Memory (>= 4.5.3)
    Ply (0.3.1)
      FSharp.Core (>= 4.6.2)
      System.Threading.Tasks.Extensions (>= 4.5.4)
    protobuf-net (3.0.101)
      protobuf-net.Core (>= 3.0.101)
    protobuf-net.Core (3.0.101)
    protobuf-net.Grpc (1.0.152)
      Grpc.Core.Api (>= 2.36.1)
      protobuf-net (>= 2.4.6)
    protobuf-net.Grpc.AspNetCore (1.0.152)
      Grpc.AspNetCore.Server (>= 2.36)
      protobuf-net.Grpc (>= 1.0.152)
    protobuf-net.Grpc.HttpClient (0.0.3-alpha.106)
      Grpc.Net.Client (>= 0.1.22-pre2)
      protobuf-net.Grpc (>= 0.0.3-alpha.106)
    runtime.debian.8-x64.runtime.native.System.Security.Cryptography.OpenSsl (4.3.3)
    runtime.debian.9-x64.runtime.native.System.Security.Cryptography.OpenSsl (4.3.3)
    runtime.fedora.23-x64.runtime.native.System.Security.Cryptography.OpenSsl (4.3.3)
    runtime.fedora.24-x64.runtime.native.System.Security.Cryptography.OpenSsl (4.3.3)
    runtime.fedora.27-x64.runtime.native.System.Security.Cryptography.OpenSsl (4.3.3)
    runtime.fedora.28-x64.runtime.native.System.Security.Cryptography.OpenSsl (4.3.3)
    runtime.native.System (4.3.1)
      Microsoft.NETCore.Platforms (>= 1.1.1)
      Microsoft.NETCore.Targets (>= 1.1.3)
    runtime.native.System.Net.Http (4.3.1)
      Microsoft.NETCore.Platforms (>= 1.1.1)
      Microsoft.NETCore.Targets (>= 1.1.3)
    runtime.native.System.Security.Cryptography.Apple (4.3.1)
      runtime.osx.10.10-x64.runtime.native.System.Security.Cryptography.Apple (>= 4.3.1)
    runtime.native.System.Security.Cryptography.OpenSsl (4.3.3)
      runtime.debian.8-x64.runtime.native.System.Security.Cryptography.OpenSsl (>= 4.3.3)
      runtime.debian.9-x64.runtime.native.System.Security.Cryptography.OpenSsl (>= 4.3.3)
      runtime.fedora.23-x64.runtime.native.System.Security.Cryptography.OpenSsl (>= 4.3.3)
      runtime.fedora.24-x64.runtime.native.System.Security.Cryptography.OpenSsl (>= 4.3.3)
      runtime.fedora.27-x64.runtime.native.System.Security.Cryptography.OpenSsl (>= 4.3.3)
      runtime.fedora.28-x64.runtime.native.System.Security.Cryptography.OpenSsl (>= 4.3.3)
      runtime.opensuse.13.2-x64.runtime.native.System.Security.Cryptography.OpenSsl (>= 4.3.3)
      runtime.opensuse.42.1-x64.runtime.native.System.Security.Cryptography.OpenSsl (>= 4.3.3)
      runtime.opensuse.42.3-x64.runtime.native.System.Security.Cryptography.OpenSsl (>= 4.3.3)
      runtime.osx.10.10-x64.runtime.native.System.Security.Cryptography.OpenSsl (>= 4.3.3)
      runtime.rhel.7-x64.runtime.native.System.Security.Cryptography.OpenSsl (>= 4.3.3)
      runtime.ubuntu.14.04-x64.runtime.native.System.Security.Cryptography.OpenSsl (>= 4.3.3)
      runtime.ubuntu.16.04-x64.runtime.native.System.Security.Cryptography.OpenSsl (>= 4.3.3)
      runtime.ubuntu.16.10-x64.runtime.native.System.Security.Cryptography.OpenSsl (>= 4.3.3)
      runtime.ubuntu.18.04-x64.runtime.native.System.Security.Cryptography.OpenSsl (>= 4.3.3)
    runtime.opensuse.13.2-x64.runtime.native.System.Security.Cryptography.OpenSsl (4.3.3)
    runtime.opensuse.42.1-x64.runtime.native.System.Security.Cryptography.OpenSsl (4.3.3)
    runtime.opensuse.42.3-x64.runtime.native.System.Security.Cryptography.OpenSsl (4.3.3)
    runtime.osx.10.10-x64.runtime.native.System.Security.Cryptography.Apple (4.3.1)
    runtime.osx.10.10-x64.runtime.native.System.Security.Cryptography.OpenSsl (4.3.3)
    runtime.rhel.7-x64.runtime.native.System.Security.Cryptography.OpenSsl (4.3.3)
    runtime.ubuntu.14.04-x64.runtime.native.System.Security.Cryptography.OpenSsl (4.3.3)
    runtime.ubuntu.16.04-x64.runtime.native.System.Security.Cryptography.OpenSsl (4.3.3)
    runtime.ubuntu.16.10-x64.runtime.native.System.Security.Cryptography.OpenSsl (4.3.3)
    runtime.ubuntu.18.04-x64.runtime.native.System.Security.Cryptography.OpenSsl (4.3.3)
    System.Buffers (4.5.1)
    System.CodeDom (6.0)
    System.Collections (4.3)
      Microsoft.NETCore.Platforms (>= 1.1)
      Microsoft.NETCore.Targets (>= 1.1)
      System.Runtime (>= 4.3)
    System.Collections.Concurrent (4.3)
      System.Collections (>= 4.3)
      System.Diagnostics.Debug (>= 4.3)
      System.Diagnostics.Tracing (>= 4.3)
      System.Globalization (>= 4.3)
      System.Reflection (>= 4.3)
      System.Resources.ResourceManager (>= 4.3)
      System.Runtime (>= 4.3)
      System.Runtime.Extensions (>= 4.3)
      System.Threading (>= 4.3)
      System.Threading.Tasks (>= 4.3)
    System.Collections.Immutable (6.0)
      System.Runtime.CompilerServices.Unsafe (>= 6.0)
    System.Collections.NonGeneric (4.3)
      System.Diagnostics.Debug (>= 4.3)
      System.Globalization (>= 4.3)
      System.Resources.ResourceManager (>= 4.3)
      System.Runtime (>= 4.3)
      System.Runtime.Extensions (>= 4.3)
      System.Threading (>= 4.3)
    System.Collections.Specialized (4.3)
      System.Collections.NonGeneric (>= 4.3)
      System.Globalization (>= 4.3)
      System.Globalization.Extensions (>= 4.3)
      System.Resources.ResourceManager (>= 4.3)
      System.Runtime (>= 4.3)
      System.Runtime.Extensions (>= 4.3)
      System.Threading (>= 4.3)
    System.ComponentModel (4.3)
      System.Runtime (>= 4.3)
    System.ComponentModel.Annotations (5.0)
    System.ComponentModel.Primitives (4.3)
      System.ComponentModel (>= 4.3)
      System.Resources.ResourceManager (>= 4.3)
      System.Runtime (>= 4.3)
    System.ComponentModel.TypeConverter (4.3)
      System.Collections (>= 4.3)
      System.Collections.NonGeneric (>= 4.3)
      System.Collections.Specialized (>= 4.3)
      System.ComponentModel (>= 4.3)
      System.ComponentModel.Primitives (>= 4.3)
      System.Globalization (>= 4.3)
      System.Linq (>= 4.3)
      System.Reflection (>= 4.3)
      System.Reflection.Extensions (>= 4.3)
      System.Reflection.Primitives (>= 4.3)
      System.Reflection.TypeExtensions (>= 4.3)
      System.Resources.ResourceManager (>= 4.3)
      System.Runtime (>= 4.3)
      System.Runtime.Extensions (>= 4.3)
      System.Threading (>= 4.3)
    System.Diagnostics.Debug (4.3)
      Microsoft.NETCore.Platforms (>= 1.1)
      Microsoft.NETCore.Targets (>= 1.1)
      System.Runtime (>= 4.3)
    System.Diagnostics.DiagnosticSource (6.0)
      System.Runtime.CompilerServices.Unsafe (>= 6.0)
    System.Diagnostics.EventLog (6.0)
    System.Diagnostics.TraceSource (4.3)
      Microsoft.NETCore.Platforms (>= 1.1)
      runtime.native.System (>= 4.3)
      System.Collections (>= 4.3)
      System.Diagnostics.Debug (>= 4.3)
      System.Globalization (>= 4.3)
      System.Resources.ResourceManager (>= 4.3)
      System.Runtime (>= 4.3)
      System.Runtime.Extensions (>= 4.3)
      System.Threading (>= 4.3)
    System.Diagnostics.Tracing (4.3)
      Microsoft.NETCore.Platforms (>= 1.1)
      Microsoft.NETCore.Targets (>= 1.1)
      System.Runtime (>= 4.3)
    System.Dynamic.Runtime (4.3)
      System.Collections (>= 4.3)
      System.Diagnostics.Debug (>= 4.3)
      System.Linq (>= 4.3)
      System.Linq.Expressions (>= 4.3)
      System.ObjectModel (>= 4.3)
      System.Reflection (>= 4.3)
      System.Reflection.Emit (>= 4.3)
      System.Reflection.Emit.ILGeneration (>= 4.3)
      System.Reflection.Primitives (>= 4.3)
      System.Reflection.TypeExtensions (>= 4.3)
      System.Resources.ResourceManager (>= 4.3)
      System.Runtime (>= 4.3)
      System.Runtime.Extensions (>= 4.3)
      System.Threading (>= 4.3)
    System.Formats.Asn1 (6.0)
    System.Globalization (4.3)
      Microsoft.NETCore.Platforms (>= 1.1)
      Microsoft.NETCore.Targets (>= 1.1)
      System.Runtime (>= 4.3)
    System.Globalization.Calendars (4.3)
      Microsoft.NETCore.Platforms (>= 1.1)
      Microsoft.NETCore.Targets (>= 1.1)
      System.Globalization (>= 4.3)
      System.Runtime (>= 4.3)
    System.Globalization.Extensions (4.3)
      Microsoft.NETCore.Platforms (>= 1.1)
      System.Globalization (>= 4.3)
      System.Resources.ResourceManager (>= 4.3)
      System.Runtime (>= 4.3)
      System.Runtime.Extensions (>= 4.3)
      System.Runtime.InteropServices (>= 4.3)
    System.IdentityModel.Tokens.Jwt (6.14.1)
      Microsoft.IdentityModel.JsonWebTokens (>= 6.14.1)
      Microsoft.IdentityModel.Tokens (>= 6.14.1)
    System.IO (4.3)
      Microsoft.NETCore.Platforms (>= 1.1)
      Microsoft.NETCore.Targets (>= 1.1)
      System.Runtime (>= 4.3)
      System.Text.Encoding (>= 4.3)
      System.Threading.Tasks (>= 4.3)
    System.IO.FileSystem (4.3)
      Microsoft.NETCore.Platforms (>= 1.1)
      Microsoft.NETCore.Targets (>= 1.1)
      System.IO (>= 4.3)
      System.IO.FileSystem.Primitives (>= 4.3)
      System.Runtime (>= 4.3)
      System.Runtime.Handles (>= 4.3)
      System.Text.Encoding (>= 4.3)
      System.Threading.Tasks (>= 4.3)
    System.IO.FileSystem.Primitives (4.3)
      System.Runtime (>= 4.3)
    System.IO.Pipelines (6.0)
    System.Linq (4.3)
      System.Collections (>= 4.3)
      System.Diagnostics.Debug (>= 4.3)
      System.Resources.ResourceManager (>= 4.3)
      System.Runtime (>= 4.3)
      System.Runtime.Extensions (>= 4.3)
    System.Linq.Expressions (4.3)
      System.Collections (>= 4.3)
      System.Diagnostics.Debug (>= 4.3)
      System.Globalization (>= 4.3)
      System.IO (>= 4.3)
      System.Linq (>= 4.3)
      System.ObjectModel (>= 4.3)
      System.Reflection (>= 4.3)
      System.Reflection.Emit (>= 4.3)
      System.Reflection.Emit.ILGeneration (>= 4.3)
      System.Reflection.Emit.Lightweight (>= 4.3)
      System.Reflection.Extensions (>= 4.3)
      System.Reflection.Primitives (>= 4.3)
      System.Reflection.TypeExtensions (>= 4.3)
      System.Resources.ResourceManager (>= 4.3)
      System.Runtime (>= 4.3)
      System.Runtime.Extensions (>= 4.3)
      System.Threading (>= 4.3)
    System.Management (6.0)
      System.CodeDom (>= 6.0)
    System.Memory (4.5.4)
    System.Memory.Data (6.0)
      System.Text.Json (>= 6.0)
    System.Net.Http (4.3.4)
      Microsoft.NETCore.Platforms (>= 1.1.1)
      runtime.native.System (>= 4.3)
      runtime.native.System.Net.Http (>= 4.3)
      runtime.native.System.Security.Cryptography.OpenSsl (>= 4.3.2)
      System.Collections (>= 4.3)
      System.Diagnostics.Debug (>= 4.3)
      System.Diagnostics.DiagnosticSource (>= 4.3)
      System.Diagnostics.Tracing (>= 4.3)
      System.Globalization (>= 4.3)
      System.Globalization.Extensions (>= 4.3)
      System.IO (>= 4.3)
      System.IO.FileSystem (>= 4.3)
      System.Net.Primitives (>= 4.3)
      System.Resources.ResourceManager (>= 4.3)
      System.Runtime (>= 4.3)
      System.Runtime.Extensions (>= 4.3)
      System.Runtime.Handles (>= 4.3)
      System.Runtime.InteropServices (>= 4.3)
      System.Security.Cryptography.Algorithms (>= 4.3)
      System.Security.Cryptography.Encoding (>= 4.3)
      System.Security.Cryptography.OpenSsl (>= 4.3)
      System.Security.Cryptography.Primitives (>= 4.3)
      System.Security.Cryptography.X509Certificates (>= 4.3)
      System.Text.Encoding (>= 4.3)
      System.Threading (>= 4.3)
      System.Threading.Tasks (>= 4.3)
    System.Net.Primitives (4.3.1)
      Microsoft.NETCore.Platforms (>= 1.1.1)
      Microsoft.NETCore.Targets (>= 1.1.3)
      System.Runtime (>= 4.3.1)
      System.Runtime.Handles (>= 4.3)
    System.Numerics.Vectors (4.5)
    System.ObjectModel (4.3)
      System.Collections (>= 4.3)
      System.Diagnostics.Debug (>= 4.3)
      System.Resources.ResourceManager (>= 4.3)
      System.Runtime (>= 4.3)
      System.Threading (>= 4.3)
    System.Private.ServiceModel (4.9)
      Microsoft.Bcl.AsyncInterfaces (>= 5.0)
      Microsoft.Extensions.ObjectPool (>= 5.0.10)
      System.Numerics.Vectors (>= 4.5)
      System.Reflection.DispatchProxy (>= 4.7.1)
      System.Security.Cryptography.Xml (>= 5.0)
      System.Security.Principal.Windows (>= 5.0)
    System.Reflection (4.3)
      Microsoft.NETCore.Platforms (>= 1.1)
      Microsoft.NETCore.Targets (>= 1.1)
      System.IO (>= 4.3)
      System.Reflection.Primitives (>= 4.3)
      System.Runtime (>= 4.3)
    System.Reflection.DispatchProxy (4.7.1)
    System.Reflection.Emit (4.7)
    System.Reflection.Emit.ILGeneration (4.7)
    System.Reflection.Emit.Lightweight (4.7)
    System.Reflection.Extensions (4.3)
      Microsoft.NETCore.Platforms (>= 1.1)
      Microsoft.NETCore.Targets (>= 1.1)
      System.Reflection (>= 4.3)
      System.Runtime (>= 4.3)
    System.Reflection.Metadata (6.0)
      System.Collections.Immutable (>= 6.0)
    System.Reflection.Primitives (4.3)
      Microsoft.NETCore.Platforms (>= 1.1)
      Microsoft.NETCore.Targets (>= 1.1)
      System.Runtime (>= 4.3)
    System.Reflection.TypeExtensions (4.7)
    System.Resources.ResourceManager (4.3)
      Microsoft.NETCore.Platforms (>= 1.1)
      Microsoft.NETCore.Targets (>= 1.1)
      System.Globalization (>= 4.3)
      System.Reflection (>= 4.3)
      System.Runtime (>= 4.3)
    System.Runtime (4.3.1)
      Microsoft.NETCore.Platforms (>= 1.1.1)
      Microsoft.NETCore.Targets (>= 1.1.3)
    System.Runtime.CompilerServices.Unsafe (6.0)
    System.Runtime.Extensions (4.3.1)
      Microsoft.NETCore.Platforms (>= 1.1.1)
      Microsoft.NETCore.Targets (>= 1.1.3)
      System.Runtime (>= 4.3.1)
    System.Runtime.Handles (4.3)
      Microsoft.NETCore.Platforms (>= 1.1)
      Microsoft.NETCore.Targets (>= 1.1)
      System.Runtime (>= 4.3)
    System.Runtime.InteropServices (4.3)
      Microsoft.NETCore.Platforms (>= 1.1)
      Microsoft.NETCore.Targets (>= 1.1)
      System.Reflection (>= 4.3)
      System.Reflection.Primitives (>= 4.3)
      System.Runtime (>= 4.3)
      System.Runtime.Handles (>= 4.3)
    System.Runtime.Loader (4.3)
      System.IO (>= 4.3)
      System.Reflection (>= 4.3)
      System.Runtime (>= 4.3)
    System.Runtime.Numerics (4.3)
      System.Globalization (>= 4.3)
      System.Resources.ResourceManager (>= 4.3)
      System.Runtime (>= 4.3)
      System.Runtime.Extensions (>= 4.3)
    System.Security.AccessControl (6.0)
    System.Security.Cryptography.Algorithms (4.3.1)
      Microsoft.NETCore.Platforms (>= 1.1)
      runtime.native.System.Security.Cryptography.Apple (>= 4.3.1)
      runtime.native.System.Security.Cryptography.OpenSsl (>= 4.3.2)
      System.Collections (>= 4.3)
      System.IO (>= 4.3)
      System.Resources.ResourceManager (>= 4.3)
      System.Runtime (>= 4.3)
      System.Runtime.Extensions (>= 4.3)
      System.Runtime.Handles (>= 4.3)
      System.Runtime.InteropServices (>= 4.3)
      System.Runtime.Numerics (>= 4.3)
      System.Security.Cryptography.Encoding (>= 4.3)
      System.Security.Cryptography.Primitives (>= 4.3)
      System.Text.Encoding (>= 4.3)
    System.Security.Cryptography.Cng (5.0)
      System.Formats.Asn1 (>= 5.0)
    System.Security.Cryptography.Csp (4.3)
      Microsoft.NETCore.Platforms (>= 1.1)
      System.IO (>= 4.3)
      System.Reflection (>= 4.3)
      System.Resources.ResourceManager (>= 4.3)
      System.Runtime (>= 4.3)
      System.Runtime.Extensions (>= 4.3)
      System.Runtime.Handles (>= 4.3)
      System.Runtime.InteropServices (>= 4.3)
      System.Security.Cryptography.Algorithms (>= 4.3)
      System.Security.Cryptography.Encoding (>= 4.3)
      System.Security.Cryptography.Primitives (>= 4.3)
      System.Text.Encoding (>= 4.3)
      System.Threading (>= 4.3)
    System.Security.Cryptography.Encoding (4.3)
      Microsoft.NETCore.Platforms (>= 1.1)
      runtime.native.System.Security.Cryptography.OpenSsl (>= 4.3)
      System.Collections (>= 4.3)
      System.Collections.Concurrent (>= 4.3)
      System.Linq (>= 4.3)
      System.Resources.ResourceManager (>= 4.3)
      System.Runtime (>= 4.3)
      System.Runtime.Extensions (>= 4.3)
      System.Runtime.Handles (>= 4.3)
      System.Runtime.InteropServices (>= 4.3)
      System.Security.Cryptography.Primitives (>= 4.3)
      System.Text.Encoding (>= 4.3)
    System.Security.Cryptography.OpenSsl (5.0)
      System.Formats.Asn1 (>= 5.0)
    System.Security.Cryptography.Pkcs (6.0)
      System.Formats.Asn1 (>= 6.0)
    System.Security.Cryptography.Primitives (4.3)
      System.Diagnostics.Debug (>= 4.3)
      System.Globalization (>= 4.3)
      System.IO (>= 4.3)
      System.Resources.ResourceManager (>= 4.3)
      System.Runtime (>= 4.3)
      System.Threading (>= 4.3)
      System.Threading.Tasks (>= 4.3)
    System.Security.Cryptography.X509Certificates (4.3.2)
      Microsoft.NETCore.Platforms (>= 1.1)
      runtime.native.System (>= 4.3)
      runtime.native.System.Net.Http (>= 4.3)
      runtime.native.System.Security.Cryptography.OpenSsl (>= 4.3.2)
      System.Collections (>= 4.3)
      System.Diagnostics.Debug (>= 4.3)
      System.Globalization (>= 4.3)
      System.Globalization.Calendars (>= 4.3)
      System.IO (>= 4.3)
      System.IO.FileSystem (>= 4.3)
      System.IO.FileSystem.Primitives (>= 4.3)
      System.Resources.ResourceManager (>= 4.3)
      System.Runtime (>= 4.3)
      System.Runtime.Extensions (>= 4.3)
      System.Runtime.Handles (>= 4.3)
      System.Runtime.InteropServices (>= 4.3)
      System.Runtime.Numerics (>= 4.3)
      System.Security.Cryptography.Algorithms (>= 4.3)
      System.Security.Cryptography.Cng (>= 4.3)
      System.Security.Cryptography.Csp (>= 4.3)
      System.Security.Cryptography.Encoding (>= 4.3)
      System.Security.Cryptography.OpenSsl (>= 4.3)
      System.Security.Cryptography.Primitives (>= 4.3)
      System.Text.Encoding (>= 4.3)
      System.Threading (>= 4.3)
    System.Security.Cryptography.Xml (6.0)
      System.Security.AccessControl (>= 6.0)
      System.Security.Cryptography.Pkcs (>= 6.0)
    System.Security.Principal.Windows (5.0)
    System.ServiceModel.Primitives (4.9)
      System.Private.ServiceModel (>= 4.9)
    System.Text.Encoding (4.3)
      Microsoft.NETCore.Platforms (>= 1.1)
      Microsoft.NETCore.Targets (>= 1.1)
      System.Runtime (>= 4.3)
    System.Text.Encoding.CodePages (6.0)
      System.Runtime.CompilerServices.Unsafe (>= 6.0)
    System.Text.Encoding.Extensions (4.3)
      Microsoft.NETCore.Platforms (>= 1.1)
      Microsoft.NETCore.Targets (>= 1.1)
      System.Runtime (>= 4.3)
      System.Text.Encoding (>= 4.3)
    System.Text.Encodings.Web (6.0)
      System.Runtime.CompilerServices.Unsafe (>= 6.0)
    System.Text.Json (6.0)
      System.Runtime.CompilerServices.Unsafe (>= 6.0)
      System.Text.Encodings.Web (>= 6.0)
    System.Text.RegularExpressions (4.3.1)
      System.Runtime (>= 4.3.1)
    System.Threading (4.3)
      System.Runtime (>= 4.3)
      System.Threading.Tasks (>= 4.3)
    System.Threading.Tasks (4.3)
      Microsoft.NETCore.Platforms (>= 1.1)
      Microsoft.NETCore.Targets (>= 1.1)
      System.Runtime (>= 4.3)
    System.Threading.Tasks.Dataflow (6.0)
    System.Threading.Tasks.Extensions (4.5.4)
    System.ValueTuple (4.5)
    System.Xml.ReaderWriter (4.3.1)
      System.Collections (>= 4.3)
      System.Diagnostics.Debug (>= 4.3)
      System.Globalization (>= 4.3)
      System.IO (>= 4.3)
      System.IO.FileSystem (>= 4.3)
      System.IO.FileSystem.Primitives (>= 4.3)
      System.Resources.ResourceManager (>= 4.3)
      System.Runtime (>= 4.3)
      System.Runtime.Extensions (>= 4.3)
      System.Runtime.InteropServices (>= 4.3)
      System.Text.Encoding (>= 4.3)
      System.Text.Encoding.Extensions (>= 4.3)
      System.Text.RegularExpressions (>= 4.3)
      System.Threading.Tasks (>= 4.3)
      System.Threading.Tasks.Extensions (>= 4.3)
    System.Xml.XmlDocument (4.3)
      System.Collections (>= 4.3)
      System.Diagnostics.Debug (>= 4.3)
      System.Globalization (>= 4.3)
      System.IO (>= 4.3)
      System.Resources.ResourceManager (>= 4.3)
      System.Runtime (>= 4.3)
      System.Runtime.Extensions (>= 4.3)
      System.Text.Encoding (>= 4.3)
      System.Threading (>= 4.3)
      System.Xml.ReaderWriter (>= 4.3)
    Utf8Json (1.3.7)
      System.Reflection.Emit (>= 4.3)
      System.Reflection.Emit.Lightweight (>= 4.3)
      System.Threading.Tasks.Extensions (>= 4.4)
      System.ValueTuple (>= 4.4)

GROUP Build
RESTRICTION: == net6.0
NUGET
  remote: https://api.nuget.org/v3/index.json
    BlackFox.VsWhere (1.1)
      FSharp.Core (>= 4.2.3)
      Microsoft.Win32.Registry (>= 4.7)
    Fake.Api.GitHub (5.20.4)
      FSharp.Core (>= 4.7.2)
      Octokit (>= 0.48)
    Fake.BuildServer.TeamFoundation (5.20.4)
      Fake.Core.Environment (>= 5.20.4)
      Fake.Core.String (>= 5.20.4)
      Fake.Core.Trace (>= 5.20.4)
      Fake.Core.Vault (>= 5.20.4)
      Fake.IO.FileSystem (>= 5.20.4)
      FSharp.Core (>= 4.7.2)
    Fake.Core.CommandLineParsing (5.20.4)
      FParsec (>= 1.1.1)
      FSharp.Core (>= 4.7.2)
    Fake.Core.Context (5.20.4)
      FSharp.Core (>= 4.7.2)
    Fake.Core.Environment (5.20.4)
      FSharp.Core (>= 4.7.2)
    Fake.Core.FakeVar (5.20.4)
      Fake.Core.Context (>= 5.20.4)
      FSharp.Core (>= 4.7.2)
    Fake.Core.Process (5.20.4)
      Fake.Core.Environment (>= 5.20.4)
      Fake.Core.FakeVar (>= 5.20.4)
      Fake.Core.String (>= 5.20.4)
      Fake.Core.Trace (>= 5.20.4)
      Fake.IO.FileSystem (>= 5.20.4)
      FSharp.Core (>= 4.7.2)
      System.Collections.Immutable (>= 1.7.1)
    Fake.Core.ReleaseNotes (5.20.4)
      Fake.Core.SemVer (>= 5.20.4)
      Fake.Core.String (>= 5.20.4)
      FSharp.Core (>= 4.7.2)
    Fake.Core.SemVer (5.20.4)
      FSharp.Core (>= 4.7.2)
    Fake.Core.String (5.20.4)
      FSharp.Core (>= 4.7.2)
    Fake.Core.Target (5.20.4)
      Fake.Core.CommandLineParsing (>= 5.20.4)
      Fake.Core.Context (>= 5.20.4)
      Fake.Core.Environment (>= 5.20.4)
      Fake.Core.FakeVar (>= 5.20.4)
      Fake.Core.Process (>= 5.20.4)
      Fake.Core.String (>= 5.20.4)
      Fake.Core.Trace (>= 5.20.4)
      FSharp.Control.Reactive (>= 4.4.2)
      FSharp.Core (>= 4.7.2)
    Fake.Core.Tasks (5.20.4)
      Fake.Core.Trace (>= 5.20.4)
      FSharp.Core (>= 4.7.2)
    Fake.Core.Trace (5.20.4)
      Fake.Core.Environment (>= 5.20.4)
      Fake.Core.FakeVar (>= 5.20.4)
      FSharp.Core (>= 4.7.2)
    Fake.Core.UserInput (5.20.4)
      FSharp.Core (>= 4.7.2)
    Fake.Core.Vault (5.20.4)
      FSharp.Core (>= 4.7.2)
      Newtonsoft.Json (>= 12.0.3)
    Fake.Core.Xml (5.20.4)
      Fake.Core.String (>= 5.20.4)
      FSharp.Core (>= 4.7.2)
    Fake.DotNet.Cli (5.20.4)
      Fake.Core.Environment (>= 5.20.4)
      Fake.Core.Process (>= 5.20.4)
      Fake.Core.String (>= 5.20.4)
      Fake.Core.Trace (>= 5.20.4)
      Fake.DotNet.MSBuild (>= 5.20.4)
      Fake.DotNet.NuGet (>= 5.20.4)
      Fake.IO.FileSystem (>= 5.20.4)
      FSharp.Core (>= 4.7.2)
      Mono.Posix.NETStandard (>= 1.0)
      Newtonsoft.Json (>= 12.0.3)
    Fake.DotNet.MSBuild (5.20.4)
      BlackFox.VsWhere (>= 1.1)
      Fake.Core.Environment (>= 5.20.4)
      Fake.Core.Process (>= 5.20.4)
      Fake.Core.String (>= 5.20.4)
      Fake.Core.Trace (>= 5.20.4)
      Fake.IO.FileSystem (>= 5.20.4)
      FSharp.Core (>= 4.7.2)
      MSBuild.StructuredLogger (>= 2.1.176)
    Fake.DotNet.NuGet (5.20.4)
      Fake.Core.Environment (>= 5.20.4)
      Fake.Core.Process (>= 5.20.4)
      Fake.Core.SemVer (>= 5.20.4)
      Fake.Core.String (>= 5.20.4)
      Fake.Core.Tasks (>= 5.20.4)
      Fake.Core.Trace (>= 5.20.4)
      Fake.Core.Xml (>= 5.20.4)
      Fake.IO.FileSystem (>= 5.20.4)
      Fake.Net.Http (>= 5.20.4)
      FSharp.Core (>= 4.7.2)
      Newtonsoft.Json (>= 12.0.3)
      NuGet.Protocol (>= 5.6)
    Fake.DotNet.Testing.Expecto (5.20.4)
      Fake.Core.Process (>= 5.20.4)
      Fake.Core.String (>= 5.20.4)
      Fake.Core.Trace (>= 5.20.4)
      Fake.IO.FileSystem (>= 5.20.4)
      Fake.Testing.Common (>= 5.20.4)
      FSharp.Core (>= 4.7.2)
    Fake.Installer.Wix (5.20.4)
      Fake.Core.Environment (>= 5.20.4)
      Fake.Core.Process (>= 5.20.4)
      Fake.Core.String (>= 5.20.4)
      Fake.Core.Trace (>= 5.20.4)
      Fake.IO.FileSystem (>= 5.20.4)
      FSharp.Core (>= 4.7.2)
    Fake.IO.FileSystem (5.20.4)
      Fake.Core.String (>= 5.20.4)
      FSharp.Core (>= 4.7.2)
    Fake.IO.Zip (5.20.4)
      Fake.Core.String (>= 5.20.4)
      Fake.IO.FileSystem (>= 5.20.4)
      FSharp.Core (>= 4.7.2)
    Fake.Net.Http (5.20.4)
      Fake.Core.Trace (>= 5.20.4)
      FSharp.Core (>= 4.7.2)
    Fake.Testing.Common (5.20.4)
      Fake.Core.Trace (>= 5.20.4)
      FSharp.Core (>= 4.7.2)
    Fake.Tools.Git (5.20.4)
      Fake.Core.Environment (>= 5.20.4)
      Fake.Core.Process (>= 5.20.4)
      Fake.Core.SemVer (>= 5.20.4)
      Fake.Core.String (>= 5.20.4)
      Fake.Core.Trace (>= 5.20.4)
      Fake.IO.FileSystem (>= 5.20.4)
      FSharp.Core (>= 4.7.2)
    Fantomas (4.5.7)
      FSharp.Compiler.Service (>= 39.0)
      FSharp.Core (>= 5.0.1)
    Farmer (1.6.20)
      FSharp.Core (>= 5.0)
    FParsec (1.1.1)
      FSharp.Core (>= 4.3.4)
    FSharp.Compiler.Service (41.0.1)
      FSharp.Core (6.0.1)
      Microsoft.Build.Framework (>= 16.11)
      Microsoft.Build.Tasks.Core (>= 16.11)
      Microsoft.Build.Utilities.Core (>= 16.11)
      System.Buffers (>= 4.5.1)
      System.Collections.Immutable (>= 5.0)
      System.Diagnostics.Process (>= 4.3)
      System.Diagnostics.TraceSource (>= 4.3)
      System.Linq.Expressions (>= 4.3)
      System.Linq.Queryable (>= 4.3)
      System.Memory (>= 4.5.4)
      System.Net.Requests (>= 4.3)
      System.Net.Security (>= 4.3.1)
      System.Reflection.Emit (>= 4.3)
      System.Reflection.Metadata (>= 5.0)
      System.Reflection.TypeExtensions (>= 4.3)
      System.Runtime (>= 4.3)
      System.Runtime.CompilerServices.Unsafe (>= 5.0)
      System.Runtime.InteropServices (>= 4.3)
      System.Runtime.Loader (>= 4.3)
      System.Security.Claims (>= 4.3)
      System.Security.Cryptography.Algorithms (>= 4.3)
      System.Security.Principal (>= 4.3)
      System.Threading.Tasks.Parallel (>= 4.3)
      System.Threading.Thread (>= 4.3)
      System.Threading.ThreadPool (>= 4.3)
    FSharp.Control.Reactive (5.0.2)
      FSharp.Core (>= 4.7.2)
      System.Reactive (>= 5.0)
    FSharp.Core (6.0.1)
    Microsoft.Build (17.0)
      Microsoft.Build.Framework (>= 17.0)
      Microsoft.NET.StringTools (>= 1.0)
      Microsoft.Win32.Registry (>= 4.3)
      System.Collections.Immutable (>= 5.0)
      System.Configuration.ConfigurationManager (>= 4.7)
      System.Reflection.Metadata (>= 1.6)
      System.Security.Principal.Windows (>= 4.7)
      System.Text.Encoding.CodePages (>= 4.0.1)
      System.Text.Json (>= 5.0.2)
      System.Threading.Tasks.Dataflow (>= 4.9)
    Microsoft.Build.Framework (17.0)
      System.Security.Permissions (>= 4.7)
    Microsoft.Build.Tasks.Core (17.0)
      Microsoft.Build.Framework (>= 17.0)
      Microsoft.Build.Utilities.Core (>= 17.0)
      Microsoft.NET.StringTools (>= 1.0)
      Microsoft.Win32.Registry (>= 4.3)
      System.CodeDom (>= 4.4)
      System.Collections.Immutable (>= 5.0)
      System.Reflection.Metadata (>= 1.6)
      System.Resources.Extensions (>= 4.6)
      System.Security.Cryptography.Pkcs (>= 4.7)
      System.Security.Cryptography.Xml (>= 4.7)
      System.Security.Permissions (>= 4.7)
      System.Threading.Tasks.Dataflow (>= 4.9)
    Microsoft.Build.Utilities.Core (17.0)
      Microsoft.Build.Framework (>= 17.0)
      Microsoft.NET.StringTools (>= 1.0)
      Microsoft.Win32.Registry (>= 4.3)
      System.Collections.Immutable (>= 5.0)
      System.Configuration.ConfigurationManager (>= 4.7)
      System.Security.Permissions (>= 4.7)
      System.Text.Encoding.CodePages (>= 4.0.1)
    Microsoft.NET.StringTools (1.0)
      System.Memory (>= 4.5.4)
      System.Runtime.CompilerServices.Unsafe (>= 5.0)
    Microsoft.NETCore.Platforms (6.0)
    Microsoft.NETCore.Targets (5.0)
    Microsoft.Web.Administration (11.1)
      Microsoft.Win32.Registry (>= 4.0)
      NETStandard.Library (>= 1.6)
      System.Diagnostics.TraceSource (>= 4.0)
      System.Reflection.TypeExtensions (>= 4.4)
      System.Security.Principal.Windows (>= 4.0)
      System.ServiceProcess.ServiceController (>= 4.1)
    Microsoft.Win32.Primitives (4.3)
      Microsoft.NETCore.Platforms (>= 1.1)
      Microsoft.NETCore.Targets (>= 1.1)
      System.Runtime (>= 4.3)
    Microsoft.Win32.Registry (5.0)
      System.Security.AccessControl (>= 5.0)
      System.Security.Principal.Windows (>= 5.0)
    Microsoft.Win32.SystemEvents (6.0)
    Mono.Posix.NETStandard (1.0)
    MSBuild.StructuredLogger (2.1.545)
      Microsoft.Build (>= 16.10)
      Microsoft.Build.Framework (>= 16.10)
      Microsoft.Build.Tasks.Core (>= 16.10)
      Microsoft.Build.Utilities.Core (>= 16.10)
    NETStandard.Library (2.0.3)
      Microsoft.NETCore.Platforms (>= 1.1)
    Newtonsoft.Json (13.0.1)
    NuGet.Common (6.0)
      NuGet.Frameworks (>= 6.0)
    NuGet.Configuration (6.0)
      NuGet.Common (>= 6.0)
      System.Security.Cryptography.ProtectedData (>= 4.4)
    NuGet.Frameworks (6.0)
    NuGet.Packaging (6.0)
      Newtonsoft.Json (>= 13.0.1)
      NuGet.Configuration (>= 6.0)
      NuGet.Versioning (>= 6.0)
      System.Security.Cryptography.Cng (>= 5.0)
      System.Security.Cryptography.Pkcs (>= 5.0)
    NuGet.Protocol (6.0)
      NuGet.Packaging (>= 6.0)
    NuGet.Versioning (6.0)
    Octokit (0.50)
    runtime.debian.8-x64.runtime.native.System.Security.Cryptography.OpenSsl (4.3.3)
    runtime.debian.9-x64.runtime.native.System.Security.Cryptography.OpenSsl (4.3.3)
    runtime.fedora.23-x64.runtime.native.System.Security.Cryptography.OpenSsl (4.3.3)
    runtime.fedora.24-x64.runtime.native.System.Security.Cryptography.OpenSsl (4.3.3)
    runtime.fedora.27-x64.runtime.native.System.Security.Cryptography.OpenSsl (4.3.3)
    runtime.fedora.28-x64.runtime.native.System.Security.Cryptography.OpenSsl (4.3.3)
    runtime.native.System (4.3.1)
      Microsoft.NETCore.Platforms (>= 1.1.1)
      Microsoft.NETCore.Targets (>= 1.1.3)
    runtime.native.System.Net.Http (4.3.1)
      Microsoft.NETCore.Platforms (>= 1.1.1)
      Microsoft.NETCore.Targets (>= 1.1.3)
    runtime.native.System.Net.Security (4.3.1)
      Microsoft.NETCore.Platforms (>= 1.1.1)
      Microsoft.NETCore.Targets (>= 1.1.3)
    runtime.native.System.Security.Cryptography.Apple (4.3.1)
      runtime.osx.10.10-x64.runtime.native.System.Security.Cryptography.Apple (>= 4.3.1)
    runtime.native.System.Security.Cryptography.OpenSsl (4.3.3)
      runtime.debian.8-x64.runtime.native.System.Security.Cryptography.OpenSsl (>= 4.3.3)
      runtime.debian.9-x64.runtime.native.System.Security.Cryptography.OpenSsl (>= 4.3.3)
      runtime.fedora.23-x64.runtime.native.System.Security.Cryptography.OpenSsl (>= 4.3.3)
      runtime.fedora.24-x64.runtime.native.System.Security.Cryptography.OpenSsl (>= 4.3.3)
      runtime.fedora.27-x64.runtime.native.System.Security.Cryptography.OpenSsl (>= 4.3.3)
      runtime.fedora.28-x64.runtime.native.System.Security.Cryptography.OpenSsl (>= 4.3.3)
      runtime.opensuse.13.2-x64.runtime.native.System.Security.Cryptography.OpenSsl (>= 4.3.3)
      runtime.opensuse.42.1-x64.runtime.native.System.Security.Cryptography.OpenSsl (>= 4.3.3)
      runtime.opensuse.42.3-x64.runtime.native.System.Security.Cryptography.OpenSsl (>= 4.3.3)
      runtime.osx.10.10-x64.runtime.native.System.Security.Cryptography.OpenSsl (>= 4.3.3)
      runtime.rhel.7-x64.runtime.native.System.Security.Cryptography.OpenSsl (>= 4.3.3)
      runtime.ubuntu.14.04-x64.runtime.native.System.Security.Cryptography.OpenSsl (>= 4.3.3)
      runtime.ubuntu.16.04-x64.runtime.native.System.Security.Cryptography.OpenSsl (>= 4.3.3)
      runtime.ubuntu.16.10-x64.runtime.native.System.Security.Cryptography.OpenSsl (>= 4.3.3)
      runtime.ubuntu.18.04-x64.runtime.native.System.Security.Cryptography.OpenSsl (>= 4.3.3)
    runtime.opensuse.13.2-x64.runtime.native.System.Security.Cryptography.OpenSsl (4.3.3)
    runtime.opensuse.42.1-x64.runtime.native.System.Security.Cryptography.OpenSsl (4.3.3)
    runtime.opensuse.42.3-x64.runtime.native.System.Security.Cryptography.OpenSsl (4.3.3)
    runtime.osx.10.10-x64.runtime.native.System.Security.Cryptography.Apple (4.3.1)
    runtime.osx.10.10-x64.runtime.native.System.Security.Cryptography.OpenSsl (4.3.3)
    runtime.rhel.7-x64.runtime.native.System.Security.Cryptography.OpenSsl (4.3.3)
    runtime.ubuntu.14.04-x64.runtime.native.System.Security.Cryptography.OpenSsl (4.3.3)
    runtime.ubuntu.16.04-x64.runtime.native.System.Security.Cryptography.OpenSsl (4.3.3)
    runtime.ubuntu.16.10-x64.runtime.native.System.Security.Cryptography.OpenSsl (4.3.3)
    runtime.ubuntu.18.04-x64.runtime.native.System.Security.Cryptography.OpenSsl (4.3.3)
    System.Buffers (4.5.1)
    System.CodeDom (6.0)
    System.Collections (4.3)
      Microsoft.NETCore.Platforms (>= 1.1)
      Microsoft.NETCore.Targets (>= 1.1)
      System.Runtime (>= 4.3)
    System.Collections.Concurrent (4.3)
      System.Collections (>= 4.3)
      System.Diagnostics.Debug (>= 4.3)
      System.Diagnostics.Tracing (>= 4.3)
      System.Globalization (>= 4.3)
      System.Reflection (>= 4.3)
      System.Resources.ResourceManager (>= 4.3)
      System.Runtime (>= 4.3)
      System.Runtime.Extensions (>= 4.3)
      System.Threading (>= 4.3)
      System.Threading.Tasks (>= 4.3)
    System.Collections.Immutable (6.0)
      System.Runtime.CompilerServices.Unsafe (>= 6.0)
    System.Configuration.ConfigurationManager (6.0)
      System.Security.Cryptography.ProtectedData (>= 6.0)
      System.Security.Permissions (>= 6.0)
    System.Diagnostics.Debug (4.3)
      Microsoft.NETCore.Platforms (>= 1.1)
      Microsoft.NETCore.Targets (>= 1.1)
      System.Runtime (>= 4.3)
    System.Diagnostics.DiagnosticSource (6.0)
      System.Runtime.CompilerServices.Unsafe (>= 6.0)
    System.Diagnostics.EventLog (6.0)
    System.Diagnostics.Process (4.3)
      Microsoft.NETCore.Platforms (>= 1.1)
      Microsoft.Win32.Primitives (>= 4.3)
      Microsoft.Win32.Registry (>= 4.3)
      runtime.native.System (>= 4.3)
      System.Collections (>= 4.3)
      System.Diagnostics.Debug (>= 4.3)
      System.Globalization (>= 4.3)
      System.IO (>= 4.3)
      System.IO.FileSystem (>= 4.3)
      System.IO.FileSystem.Primitives (>= 4.3)
      System.Resources.ResourceManager (>= 4.3)
      System.Runtime (>= 4.3)
      System.Runtime.Extensions (>= 4.3)
      System.Runtime.Handles (>= 4.3)
      System.Runtime.InteropServices (>= 4.3)
      System.Text.Encoding (>= 4.3)
      System.Text.Encoding.Extensions (>= 4.3)
      System.Threading (>= 4.3)
      System.Threading.Tasks (>= 4.3)
      System.Threading.Thread (>= 4.3)
      System.Threading.ThreadPool (>= 4.3)
    System.Diagnostics.TraceSource (4.3)
      Microsoft.NETCore.Platforms (>= 1.1)
      runtime.native.System (>= 4.3)
      System.Collections (>= 4.3)
      System.Diagnostics.Debug (>= 4.3)
      System.Globalization (>= 4.3)
      System.Resources.ResourceManager (>= 4.3)
      System.Runtime (>= 4.3)
      System.Runtime.Extensions (>= 4.3)
      System.Threading (>= 4.3)
    System.Diagnostics.Tracing (4.3)
      Microsoft.NETCore.Platforms (>= 1.1)
      Microsoft.NETCore.Targets (>= 1.1)
      System.Runtime (>= 4.3)
    System.Drawing.Common (6.0)
      Microsoft.Win32.SystemEvents (>= 6.0)
    System.Formats.Asn1 (6.0)
    System.Globalization (4.3)
      Microsoft.NETCore.Platforms (>= 1.1)
      Microsoft.NETCore.Targets (>= 1.1)
      System.Runtime (>= 4.3)
    System.Globalization.Calendars (4.3)
      Microsoft.NETCore.Platforms (>= 1.1)
      Microsoft.NETCore.Targets (>= 1.1)
      System.Globalization (>= 4.3)
      System.Runtime (>= 4.3)
    System.Globalization.Extensions (4.3)
      Microsoft.NETCore.Platforms (>= 1.1)
      System.Globalization (>= 4.3)
      System.Resources.ResourceManager (>= 4.3)
      System.Runtime (>= 4.3)
      System.Runtime.Extensions (>= 4.3)
      System.Runtime.InteropServices (>= 4.3)
    System.IO (4.3)
      Microsoft.NETCore.Platforms (>= 1.1)
      Microsoft.NETCore.Targets (>= 1.1)
      System.Runtime (>= 4.3)
      System.Text.Encoding (>= 4.3)
      System.Threading.Tasks (>= 4.3)
    System.IO.FileSystem (4.3)
      Microsoft.NETCore.Platforms (>= 1.1)
      Microsoft.NETCore.Targets (>= 1.1)
      System.IO (>= 4.3)
      System.IO.FileSystem.Primitives (>= 4.3)
      System.Runtime (>= 4.3)
      System.Runtime.Handles (>= 4.3)
      System.Text.Encoding (>= 4.3)
      System.Threading.Tasks (>= 4.3)
    System.IO.FileSystem.Primitives (4.3)
      System.Runtime (>= 4.3)
    System.Linq (4.3)
      System.Collections (>= 4.3)
      System.Diagnostics.Debug (>= 4.3)
      System.Resources.ResourceManager (>= 4.3)
      System.Runtime (>= 4.3)
      System.Runtime.Extensions (>= 4.3)
    System.Linq.Expressions (4.3)
      System.Collections (>= 4.3)
      System.Diagnostics.Debug (>= 4.3)
      System.Globalization (>= 4.3)
      System.IO (>= 4.3)
      System.Linq (>= 4.3)
      System.ObjectModel (>= 4.3)
      System.Reflection (>= 4.3)
      System.Reflection.Emit (>= 4.3)
      System.Reflection.Emit.ILGeneration (>= 4.3)
      System.Reflection.Emit.Lightweight (>= 4.3)
      System.Reflection.Extensions (>= 4.3)
      System.Reflection.Primitives (>= 4.3)
      System.Reflection.TypeExtensions (>= 4.3)
      System.Resources.ResourceManager (>= 4.3)
      System.Runtime (>= 4.3)
      System.Runtime.Extensions (>= 4.3)
      System.Threading (>= 4.3)
    System.Linq.Queryable (4.3)
      System.Collections (>= 4.3)
      System.Diagnostics.Debug (>= 4.3)
      System.Linq (>= 4.3)
      System.Linq.Expressions (>= 4.3)
      System.Reflection (>= 4.3)
      System.Reflection.Extensions (>= 4.3)
      System.Resources.ResourceManager (>= 4.3)
      System.Runtime (>= 4.3)
    System.Memory (4.5.4)
    System.Net.Http (4.3.4)
      Microsoft.NETCore.Platforms (>= 1.1.1)
      runtime.native.System (>= 4.3)
      runtime.native.System.Net.Http (>= 4.3)
      runtime.native.System.Security.Cryptography.OpenSsl (>= 4.3.2)
      System.Collections (>= 4.3)
      System.Diagnostics.Debug (>= 4.3)
      System.Diagnostics.DiagnosticSource (>= 4.3)
      System.Diagnostics.Tracing (>= 4.3)
      System.Globalization (>= 4.3)
      System.Globalization.Extensions (>= 4.3)
      System.IO (>= 4.3)
      System.IO.FileSystem (>= 4.3)
      System.Net.Primitives (>= 4.3)
      System.Resources.ResourceManager (>= 4.3)
      System.Runtime (>= 4.3)
      System.Runtime.Extensions (>= 4.3)
      System.Runtime.Handles (>= 4.3)
      System.Runtime.InteropServices (>= 4.3)
      System.Security.Cryptography.Algorithms (>= 4.3)
      System.Security.Cryptography.Encoding (>= 4.3)
      System.Security.Cryptography.OpenSsl (>= 4.3)
      System.Security.Cryptography.Primitives (>= 4.3)
      System.Security.Cryptography.X509Certificates (>= 4.3)
      System.Text.Encoding (>= 4.3)
      System.Threading (>= 4.3)
      System.Threading.Tasks (>= 4.3)
    System.Net.Primitives (4.3.1)
      Microsoft.NETCore.Platforms (>= 1.1.1)
      Microsoft.NETCore.Targets (>= 1.1.3)
      System.Runtime (>= 4.3.1)
      System.Runtime.Handles (>= 4.3)
    System.Net.Requests (4.3)
      Microsoft.NETCore.Platforms (>= 1.1)
      System.Collections (>= 4.3)
      System.Diagnostics.Debug (>= 4.3)
      System.Diagnostics.Tracing (>= 4.3)
      System.Globalization (>= 4.3)
      System.IO (>= 4.3)
      System.Net.Http (>= 4.3)
      System.Net.Primitives (>= 4.3)
      System.Net.WebHeaderCollection (>= 4.3)
      System.Resources.ResourceManager (>= 4.3)
      System.Runtime (>= 4.3)
      System.Threading (>= 4.3)
      System.Threading.Tasks (>= 4.3)
    System.Net.Security (4.3.2)
      Microsoft.NETCore.Platforms (>= 1.1)
      Microsoft.Win32.Primitives (>= 4.3)
      runtime.native.System (>= 4.3)
      runtime.native.System.Net.Security (>= 4.3)
      runtime.native.System.Security.Cryptography.OpenSsl (>= 4.3.2)
      System.Collections (>= 4.3)
      System.Collections.Concurrent (>= 4.3)
      System.Diagnostics.Tracing (>= 4.3)
      System.Globalization (>= 4.3)
      System.Globalization.Extensions (>= 4.3)
      System.IO (>= 4.3)
      System.Net.Primitives (>= 4.3)
      System.Resources.ResourceManager (>= 4.3)
      System.Runtime (>= 4.3)
      System.Runtime.Extensions (>= 4.3)
      System.Runtime.Handles (>= 4.3)
      System.Runtime.InteropServices (>= 4.3)
      System.Security.Claims (>= 4.3)
      System.Security.Cryptography.Algorithms (>= 4.3)
      System.Security.Cryptography.Encoding (>= 4.3)
      System.Security.Cryptography.OpenSsl (>= 4.3)
      System.Security.Cryptography.Primitives (>= 4.3)
      System.Security.Cryptography.X509Certificates (>= 4.3)
      System.Security.Principal (>= 4.3)
      System.Text.Encoding (>= 4.3)
      System.Threading (>= 4.3)
      System.Threading.Tasks (>= 4.3)
      System.Threading.ThreadPool (>= 4.3)
    System.Net.WebHeaderCollection (4.3)
      System.Collections (>= 4.3)
      System.Resources.ResourceManager (>= 4.3)
      System.Runtime (>= 4.3)
      System.Runtime.Extensions (>= 4.3)
    System.ObjectModel (4.3)
      System.Collections (>= 4.3)
      System.Diagnostics.Debug (>= 4.3)
      System.Resources.ResourceManager (>= 4.3)
      System.Runtime (>= 4.3)
      System.Threading (>= 4.3)
    System.Reactive (5.0)
    System.Reflection (4.3)
      Microsoft.NETCore.Platforms (>= 1.1)
      Microsoft.NETCore.Targets (>= 1.1)
      System.IO (>= 4.3)
      System.Reflection.Primitives (>= 4.3)
      System.Runtime (>= 4.3)
    System.Reflection.Emit (4.7)
    System.Reflection.Emit.ILGeneration (4.7)
    System.Reflection.Emit.Lightweight (4.7)
    System.Reflection.Extensions (4.3)
      Microsoft.NETCore.Platforms (>= 1.1)
      Microsoft.NETCore.Targets (>= 1.1)
      System.Reflection (>= 4.3)
      System.Runtime (>= 4.3)
    System.Reflection.Metadata (6.0)
      System.Collections.Immutable (>= 6.0)
    System.Reflection.Primitives (4.3)
      Microsoft.NETCore.Platforms (>= 1.1)
      Microsoft.NETCore.Targets (>= 1.1)
      System.Runtime (>= 4.3)
    System.Reflection.TypeExtensions (4.7)
    System.Resources.Extensions (6.0)
    System.Resources.ResourceManager (4.3)
      Microsoft.NETCore.Platforms (>= 1.1)
      Microsoft.NETCore.Targets (>= 1.1)
      System.Globalization (>= 4.3)
      System.Reflection (>= 4.3)
      System.Runtime (>= 4.3)
    System.Runtime (4.3.1)
      Microsoft.NETCore.Platforms (>= 1.1.1)
      Microsoft.NETCore.Targets (>= 1.1.3)
    System.Runtime.CompilerServices.Unsafe (6.0)
    System.Runtime.Extensions (4.3.1)
      Microsoft.NETCore.Platforms (>= 1.1.1)
      Microsoft.NETCore.Targets (>= 1.1.3)
      System.Runtime (>= 4.3.1)
    System.Runtime.Handles (4.3)
      Microsoft.NETCore.Platforms (>= 1.1)
      Microsoft.NETCore.Targets (>= 1.1)
      System.Runtime (>= 4.3)
    System.Runtime.InteropServices (4.3)
      Microsoft.NETCore.Platforms (>= 1.1)
      Microsoft.NETCore.Targets (>= 1.1)
      System.Reflection (>= 4.3)
      System.Reflection.Primitives (>= 4.3)
      System.Runtime (>= 4.3)
      System.Runtime.Handles (>= 4.3)
    System.Runtime.Loader (4.3)
      System.IO (>= 4.3)
      System.Reflection (>= 4.3)
      System.Runtime (>= 4.3)
    System.Runtime.Numerics (4.3)
      System.Globalization (>= 4.3)
      System.Resources.ResourceManager (>= 4.3)
      System.Runtime (>= 4.3)
      System.Runtime.Extensions (>= 4.3)
    System.Security.AccessControl (6.0)
    System.Security.Claims (4.3)
      System.Collections (>= 4.3)
      System.Globalization (>= 4.3)
      System.IO (>= 4.3)
      System.Resources.ResourceManager (>= 4.3)
      System.Runtime (>= 4.3)
      System.Runtime.Extensions (>= 4.3)
      System.Security.Principal (>= 4.3)
    System.Security.Cryptography.Algorithms (4.3.1)
      Microsoft.NETCore.Platforms (>= 1.1)
      runtime.native.System.Security.Cryptography.Apple (>= 4.3.1)
      runtime.native.System.Security.Cryptography.OpenSsl (>= 4.3.2)
      System.Collections (>= 4.3)
      System.IO (>= 4.3)
      System.Resources.ResourceManager (>= 4.3)
      System.Runtime (>= 4.3)
      System.Runtime.Extensions (>= 4.3)
      System.Runtime.Handles (>= 4.3)
      System.Runtime.InteropServices (>= 4.3)
      System.Runtime.Numerics (>= 4.3)
      System.Security.Cryptography.Encoding (>= 4.3)
      System.Security.Cryptography.Primitives (>= 4.3)
      System.Text.Encoding (>= 4.3)
    System.Security.Cryptography.Cng (5.0)
      System.Formats.Asn1 (>= 5.0)
    System.Security.Cryptography.Csp (4.3)
      Microsoft.NETCore.Platforms (>= 1.1)
      System.IO (>= 4.3)
      System.Reflection (>= 4.3)
      System.Resources.ResourceManager (>= 4.3)
      System.Runtime (>= 4.3)
      System.Runtime.Extensions (>= 4.3)
      System.Runtime.Handles (>= 4.3)
      System.Runtime.InteropServices (>= 4.3)
      System.Security.Cryptography.Algorithms (>= 4.3)
      System.Security.Cryptography.Encoding (>= 4.3)
      System.Security.Cryptography.Primitives (>= 4.3)
      System.Text.Encoding (>= 4.3)
      System.Threading (>= 4.3)
    System.Security.Cryptography.Encoding (4.3)
      Microsoft.NETCore.Platforms (>= 1.1)
      runtime.native.System.Security.Cryptography.OpenSsl (>= 4.3)
      System.Collections (>= 4.3)
      System.Collections.Concurrent (>= 4.3)
      System.Linq (>= 4.3)
      System.Resources.ResourceManager (>= 4.3)
      System.Runtime (>= 4.3)
      System.Runtime.Extensions (>= 4.3)
      System.Runtime.Handles (>= 4.3)
      System.Runtime.InteropServices (>= 4.3)
      System.Security.Cryptography.Primitives (>= 4.3)
      System.Text.Encoding (>= 4.3)
    System.Security.Cryptography.OpenSsl (5.0)
      System.Formats.Asn1 (>= 5.0)
    System.Security.Cryptography.Pkcs (6.0)
      System.Formats.Asn1 (>= 6.0)
    System.Security.Cryptography.Primitives (4.3)
      System.Diagnostics.Debug (>= 4.3)
      System.Globalization (>= 4.3)
      System.IO (>= 4.3)
      System.Resources.ResourceManager (>= 4.3)
      System.Runtime (>= 4.3)
      System.Threading (>= 4.3)
      System.Threading.Tasks (>= 4.3)
    System.Security.Cryptography.ProtectedData (6.0)
    System.Security.Cryptography.X509Certificates (4.3.2)
      Microsoft.NETCore.Platforms (>= 1.1)
      runtime.native.System (>= 4.3)
      runtime.native.System.Net.Http (>= 4.3)
      runtime.native.System.Security.Cryptography.OpenSsl (>= 4.3.2)
      System.Collections (>= 4.3)
      System.Diagnostics.Debug (>= 4.3)
      System.Globalization (>= 4.3)
      System.Globalization.Calendars (>= 4.3)
      System.IO (>= 4.3)
      System.IO.FileSystem (>= 4.3)
      System.IO.FileSystem.Primitives (>= 4.3)
      System.Resources.ResourceManager (>= 4.3)
      System.Runtime (>= 4.3)
      System.Runtime.Extensions (>= 4.3)
      System.Runtime.Handles (>= 4.3)
      System.Runtime.InteropServices (>= 4.3)
      System.Runtime.Numerics (>= 4.3)
      System.Security.Cryptography.Algorithms (>= 4.3)
      System.Security.Cryptography.Cng (>= 4.3)
      System.Security.Cryptography.Csp (>= 4.3)
      System.Security.Cryptography.Encoding (>= 4.3)
      System.Security.Cryptography.OpenSsl (>= 4.3)
      System.Security.Cryptography.Primitives (>= 4.3)
      System.Text.Encoding (>= 4.3)
      System.Threading (>= 4.3)
    System.Security.Cryptography.Xml (6.0)
      System.Security.AccessControl (>= 6.0)
      System.Security.Cryptography.Pkcs (>= 6.0)
    System.Security.Permissions (6.0)
      System.Security.AccessControl (>= 6.0)
      System.Windows.Extensions (>= 6.0)
    System.Security.Principal (4.3)
      System.Runtime (>= 4.3)
    System.Security.Principal.Windows (5.0)
    System.ServiceProcess.ServiceController (6.0)
      System.Diagnostics.EventLog (>= 6.0)
    System.Text.Encoding (4.3)
      Microsoft.NETCore.Platforms (>= 1.1)
      Microsoft.NETCore.Targets (>= 1.1)
      System.Runtime (>= 4.3)
    System.Text.Encoding.CodePages (6.0)
      System.Runtime.CompilerServices.Unsafe (>= 6.0)
    System.Text.Encoding.Extensions (4.3)
      Microsoft.NETCore.Platforms (>= 1.1)
      Microsoft.NETCore.Targets (>= 1.1)
      System.Runtime (>= 4.3)
      System.Text.Encoding (>= 4.3)
    System.Text.Encodings.Web (6.0)
      System.Runtime.CompilerServices.Unsafe (>= 6.0)
    System.Text.Json (6.0)
      System.Runtime.CompilerServices.Unsafe (>= 6.0)
      System.Text.Encodings.Web (>= 6.0)
    System.Threading (4.3)
      System.Runtime (>= 4.3)
      System.Threading.Tasks (>= 4.3)
    System.Threading.Tasks (4.3)
      Microsoft.NETCore.Platforms (>= 1.1)
      Microsoft.NETCore.Targets (>= 1.1)
      System.Runtime (>= 4.3)
    System.Threading.Tasks.Dataflow (6.0)
    System.Threading.Tasks.Parallel (4.3)
      System.Collections.Concurrent (>= 4.3)
      System.Diagnostics.Debug (>= 4.3)
      System.Diagnostics.Tracing (>= 4.3)
      System.Resources.ResourceManager (>= 4.3)
      System.Runtime (>= 4.3)
      System.Runtime.Extensions (>= 4.3)
      System.Threading (>= 4.3)
      System.Threading.Tasks (>= 4.3)
    System.Threading.Thread (4.3)
      System.Runtime (>= 4.3)
    System.Threading.ThreadPool (4.3)
      System.Runtime (>= 4.3)
      System.Runtime.Handles (>= 4.3)
    System.Windows.Extensions (6.0)
      System.Drawing.Common (>= 6.0)

GROUP Docs
RESTRICTION: == netstandard2.0
NUGET
  remote: https://api.nuget.org/v3/index.json
    FSharp.Formatting (12.0)
    Newtonsoft.Json (13.0.1)

GROUP DocsAsp
RESTRICTION: == net6.0
NUGET
  remote: https://api.nuget.org/v3/index.json
    Microsoft.AspNetCore.App.Ref (6.0)
